PATH
  remote: .
  specs:
    gem_ver (1.0.2)

GEM
  remote: https://rubygems.org/
  specs:
    ast (2.4.2)
    coderay (1.1.3)
    diff-lcs (1.5.0)
    jaro_winkler (1.5.4)
    method_source (1.0.0)
    parallel (1.22.1)
    parser (3.1.2.0)
      ast (~> 2.4.1)
    pry (0.14.1)
      coderay (~> 1.1)
      method_source (~> 1.0)
    rainbow (3.1.1)
    rake (13.0.6)
    rspec (3.11.0)
      rspec-core (~> 3.11.0)
      rspec-expectations (~> 3.11.0)
      rspec-mocks (~> 3.11.0)
    rspec-core (3.11.0)
      rspec-support (~> 3.11.0)
    rspec-expectations (3.11.0)
      diff-lcs (>= 1.2.0, < 2.0)
      rspec-support (~> 3.11.0)
    rspec-mocks (3.11.1)
      diff-lcs (>= 1.2.0, < 2.0)
      rspec-support (~> 3.11.0)
    rspec-support (3.11.0)
    rubocop (0.68.1)
      jaro_winkler (~> 1.5.1)
      parallel (~> 1.10)
      parser (>= 2.5, != 2.5.1.1)
      rainbow (>= 2.2.2, < 4.0)
      ruby-progressbar (~> 1.7)
      unicode-display_width (>= 1.4.0, < 1.6)
    rubocop-lts (8.0.2)
      rubocop-ruby2_2 (~> 1.0.4)
    rubocop-performance (1.3.0)
      rubocop (>= 0.68.0)
    rubocop-rake (0.5.1)
      rubocop
    rubocop-rspec (1.41.0)
      rubocop (>= 0.68.1)
    rubocop-ruby2_2 (1.0.4)
      rubocop (= 0.68.1)
    ruby-progressbar (1.11.0)
    unicode-display_width (1.5.0)

PLATFORMS
  arm64-darwin-21

DEPENDENCIES
  gem_ver!
  pry
  rake
  rspec
  rubocop-lts (~> 8.0, >= 8.0.2)
  rubocop-performance
  rubocop-rake
  rubocop-rspec

BUNDLED WITH
   2.3.15
